GEM
  remote: http://rubygems.org/
  specs:
    crack (0.1.8)
    daemons (1.1.3)
    dnsimple-ruby (0.9.7)
      httparty
      httparty
    httparty (0.7.7)
      crack (= 0.1.8)

PLATFORMS
  ruby

DEPENDENCIES
  daemons
  dnsimple-ruby
